GIT
  remote: git@github.com:szymon33/crc32.git
  revision: 51d21b67018e80b87a335f5fe481228d3eac7fa4
  branch: master
  tag: v0.0.2
  specs:
    crc32 (0.0.2)

GEM
  remote: https://rubygems.org/
  specs:

PLATFORMS
  ruby

DEPENDENCIES
  crc32!

BUNDLED WITH
   1.11.2
